PATH
  remote: .
  specs:
    comics2feed (0.2.0)
      hpricot (~> 0.8.6)

GEM
  remote: https://rubygems.org/
  specs:
    hpricot (0.8.6)

PLATFORMS
  ruby

DEPENDENCIES
  comics2feed!
