PATH
  remote: .
  specs:
    comics2feed (0.2.0)
      hpricot (~> 0.8.6)

GEM
  remote: https://rubygems.org/
  specs:
    docile (1.1.2)
    hpricot (0.8.6)
    multi_json (1.8.4)
    rake (10.1.1)
    simplecov (0.8.2)
      docile (~> 1.1.0)
      multi_json
      simplecov-html (~> 0.8.0)
    simplecov-html (0.8.0)

PLATFORMS
  ruby

DEPENDENCIES
  comics2feed!
  rake
  simplecov
